GEM
  remote: https://rubygems.org/
  specs:
    diff-lcs (1.5.0)
    githug (0.5.0)
      grit (~> 2.3.0)
      rake (< 11)
      thor (~> 0.14.6)
    grit (2.3.0)
      diff-lcs (~> 1.1)
      mime-types (~> 1.15)
    mime-types (1.25.1)
    rake (10.5.0)
    thor (0.14.6)

PLATFORMS
  ruby

DEPENDENCIES
  githug

BUNDLED WITH
   2.3.9
